GEM
  remote: https://rubygems.org/
  specs:
    addressable (2.8.4)
      public_suffix (>= 2.0.2, < 6.0)
    faraday (2.7.8)
      faraday-net_http (>= 2.0, < 3.1)
      ruby2_keywords (>= 0.0.4)
    faraday-net_http (3.0.2)
    git (1.18.0)
      addressable (~> 2.8)
      rchardet (~> 1.8)
    octokit (6.1.1)
      faraday (>= 1, < 3)
      sawyer (~> 0.9)
    public_suffix (5.0.1)
    rchardet (1.8.0)
    ruby2_keywords (0.0.5)
    sawyer (0.9.2)
      addressable (>= 2.3.5)
      faraday (>= 0.17.3, < 3)

PLATFORMS
  x86_64-darwin-21

DEPENDENCIES
  git (~> 1.18)
  octokit (~> 6.1)

BUNDLED WITH
   2.4.13
