GEM
  remote: https://rubygems.org/
  specs:
    addressable (2.8.7)
      public_suffix (>= 2.0.2, < 7.0)
    faraday (2.12.2)
      faraday-net_http (>= 2.0, < 3.5)
      json
      logger
    faraday-net_http (3.4.0)
      net-http (>= 0.5.0)
    git (1.18.0)
      addressable (~> 2.8)
      rchardet (~> 1.8)
    json (2.9.1)
    logger (1.6.5)
    net-http (0.6.0)
      uri
    octokit (9.2.0)
      faraday (>= 1, < 3)
      sawyer (~> 0.9)
    public_suffix (6.0.1)
    rchardet (1.8.0)
    sawyer (0.9.2)
      addressable (>= 2.3.5)
      faraday (>= 0.17.3, < 3)
    uri (1.0.2)

PLATFORMS
  x86_64-darwin-21
  x86_64-linux

DEPENDENCIES
  git (~> 1.18)
  octokit (~> 9.0)

BUNDLED WITH
   2.4.13
